[System]
Scanner=SkyScan1173
Instrument S/N=18O05071
Hardware version=A
Software=Version 1. 6 (build 22)
Home directory=C:\SkyScan1173
Source Type=Hamamatsu 130/300
Camera=FlatPanel Sensor
Camera Pixel Size (um)=50.0
CameraXYRatio=1.0740
Incl.in lifting (um/mm)=0.1930
[Acquisition]
Data directory=E:\results\Lab files\Jamie\cetacean scans\MML0514A_gg_lumbar1_al_26.8um_2k_
Filename Prefix=MML0514A_gg_lumbar1_al_26.8um_2k_
Number of Files= 1200
Source Voltage (kV)= 120
Source Current (uA)=  60
Number of Rows= 2240
Number of Columns= 2240
Image crop origin X=   0
Image crop origin Y=0
Camera binning=1x1
Image Rotation=0.1700
Gantry direction=CC
Number of connected scans=1
Image Pixel Size (um)=26.844857
Scaled Image Pixel Size (um)=26.844857
Object to Source (mm)=197.738
Camera to Source (mm)=364.000
Vertical Object Position (mm)=2.000
Optical Axis (line)=1088
Filter=Al 1.0mm
Image Format=TIFF
Depth (bits)=16
Screen LUT=0
Exposure (ms)=   700
Rotation Step (deg)=0.200
Frame Averaging=ON (3)
Random Movement=ON (4)
Use 360 Rotation=NO
Partial width=100
FF updating interval=201
Geometrical Correction=OFF
Camera Offset=OFF
Median Filtering=OFF
Flat Field Correction=ON
Rotation Direction=CC
Scanning Trajectory=ROUND
Type Of Motion=STEP AND SHOOT
Study Date and Time=Jul 20, 2023  11:26:30
Scan duration=01:11:47
Maximum vertical TS=1.0
Maximum horizontal TS=0.0
TS modified at=July20,12:15:07 ---  1200 of 1200 projections
TS modified according to=E:\results\Lab files\Jamie\cetacean scans\MML0514A_gg_lumbar1_al_26.8um_2k_\MML0514A_gg_lumbar1_al_26.8um_2k__TS.csv
TS modified at level=0
[Reconstruction]
Reconstruction Program=NRecon
Program Version=Version: 1.7.1.0
Program Home Directory=C:\SkyScan1173
Reconstruction engine=GPUReconServer
Engine version=Version: 1.7.1
Reconstruction from batch=No
Postalignment=0.50
Reconstruction servers= SKYSCAN1173 
Dataset Origin=SkyScan1173
Dataset Prefix=MML0514A_gg_lumbar1_al_26.8um_2k_
Dataset Directory=E:\results\Lab files\Jamie\cetacean scans\MML0514A_gg_lumbar1_al_26.8um_2k_
Output Directory=E:\results\Lab files\Jamie\cetacean scans\MML0514A_gg_lumbar1_al_26.8um_2k_\MML0514A_gg_lumbar1_al_26.8um_2k_Rec
Time and Date=Jul 20, 2023  12:35:34
First Section=379
Last Section=2219
Reconstruction duration per slice (seconds)=0.477458
Total reconstruction time (1841 slices) in seconds=879.000000
Section to Section Step=1
Sections Count=1841
Result File Type=BMP
Result File Header Length (bytes)=1134
Result Image Width (pixels)=2240
Result Image Height (pixels)=2240
Pixel Size (um)=26.84486
Reconstruction Angular Range (deg)=240.00
Use 180+=OFF
Angular Step (deg)=0.2000
Smoothing=0
Ring Artifact Correction=9
Draw Scales=OFF
Object Bigger than FOV=OFF
Reconstruction from ROI=OFF
Filter cutoff relative to Nyquist frequency=100
Filter type=0
Filter type description=Hamming (Alpha=0.54)
Undersampling factor=1
Threshold for defect pixel mask (%)=0
Beam Hardening Correction (%)=15
CS Static Rotation (deg)=0.00
Minimum for CS to Image Conversion=0.000000
Maximum for CS to Image Conversion=0.016200
HU Calibration=OFF
BMP LUT=0
Cone-beam Angle Horiz.(deg)=17.291304
Cone-beam Angle Vert.(deg)=17.291304
