[System]
Scanner=SkyScan1272
Instrument S/N=19N09230
Software Version=1.4
Home Directory=C:\SkyScan1272
Source Type=HAMAMATSU_L10101-67
Camera Type=XIMEA xiRAY11
Camera Pixel Size (um)=9.0
Camera X/Y Ratio=0.9851
[User]
User Name=Skyscan
Computer Name=SCAN1272-230
[Acquisition]
Data Directory=D:\Results\2023_03_14 P21_3
Filename Prefix=DRP_P21_3~00
Filename Index Length=8
Number Of Files=  471
Number Of Rows=  896
Number Of Columns= 1075
Partial Width= 80%
Image crop origin X=134
Image crop origin Y=0
Camera binning=3x3
Image Rotation=0.05700
Optical Axis (line)=  528
Camera to Source (mm)=270.98833
Object to Source (mm)=200.70900
Source Voltage (kV)=  60
Source Current (uA)= 166
Image Pixel Size (um)=19.797722
Scaled Image Pixel Size (um)=19.797722
Image Format=TIFF
Depth (bits)=16
Reference Intensity=57000
Camera position=Far
Exposure (ms)=1175
Rotation Step (deg)=0.400
Use 360 Rotation=NO
Scanning position=28.344 mm
Frame Averaging=ON (3)
Random Movement=ON (20)
Flat Field Correction=ON
FF updating interval=68
Geometrical Correction=ON
Filter=Al 0.25mm
Gantry direction=CC
Rotation Direction=CC
Type of Detector Motion=STEP AND SHOOT
Scanning Trajectory=ROUND
Beam position=0
Skip extra frame=On
Source spot size=Small
Number Of Horizontal Offset Positions=1
Number of connected scans=2
Current scan number=1
Number of lines to be reconstructed=578
Study Date and Time=14 Mar 2023  09h:00m:40s
Scan duration=0h:54m:2s
Maximum vertical TS=5.0
[Reconstruction]
Reconstruction Program=NRecon
Program Version=Version: 2.0.0.5
Program Home Directory=C:\SkyScan1272
Reconstruction engine=GPUReconServer
Engine version=Version: 2.0.0
Reconstruction from batch=No
Postalignment Applied=1
Reconstructed using oversize-option=Yes
Connected Reconstruction (parts)=2
Sub-scan post alignment [0]=0.000000
Sub-scan post alignment [1]=1.500000
Sub-scan scan length [0]=573
Sub-scan scan length [1]=578
Used extra rotation per scan(deg)= 0.000  0.000 
Used extra shift in X per scan(micron)= 0.000  -2.152 
Used extra shift in Y per scan(micron)= 0.000  4.272 
Reconstruction servers= SCAN1272-230 
Dataset Origin=SkyScan1272
Dataset Prefix=DRP_P21_3~00
Dataset Directory=D:\Results\2023_03_14 P21_3
Output Directory=D:\Results\2023_03_14 P21_3\DRP_P21_3_Rec
Time and Date=14 Mar 2023  10h:02m:54s
First Section=27
Last Section=1454
Reconstruction duration per slice (seconds)=0.016497
Total reconstruction time (788 slices) in seconds=13.000000
Section to Section Step=1
Sections Count=1428
Result File Type=BMP
Result File Header Length (bytes)=1134
Result Image Width (pixels)=944
Result Image Height (pixels)=944
Pixel Size (um)=19.79772
Reconstruction Angular Range (deg)=188.40
Use 180+=OFF
Angular Step (deg)=0.4000
Smoothing=1
Smoothing kernel=0 (Asymmetrical boxcar)
Ring Artifact Correction=5
Draw Scales=OFF
Object Bigger than FOV=OFF
Reconstruction from ROI=ON_ROUND
ROI Top (pixels)=1012
ROI Bottom (pixels)=65
ROI Left (pixels)=125
ROI Right (pixels)=1072
ROI reference length=1075
Filter cutoff relative to Nyquist frequency=100
Filter type=0
Filter type description=Hamming (Alpha=0.54)
Undersampling factor=1
Threshold for defect pixel mask (%)=0
Beam Hardening Correction (%)=10
CS Static Rotation (deg)=0.00
CS Static Rotation Total(deg)=0.00
Minimum for CS to Image Conversion=0.000000
Maximum for CS to Image Conversion=0.136673
HU Calibration=OFF
BMP LUT=0
Cone-beam Angle Horiz.(deg)=6.069781
Cone-beam Angle Vert.(deg)=5.060536
Sub-Scan 0 ends at slice=814
Sub-Scan 1 ends at slice=1449
Automatic matching in Z=50
Automatic matching in X/Y=50
Automatic matching in rotation=5.000000
Automatic fusion=0
[File name convention]
Filename Index Length=8
Filename Prefix=DRP_P21_3_rec
